GEM
  remote: http://rubygems.org/
  remote: http://gems.github.com/
  specs:
    bones (3.8.0)
      little-plugger (~> 1.1.3)
      loquacious (~> 1.9.1)
      rake (>= 0.8.7)
    diff-lcs (1.1.3)
    little-plugger (1.1.3)
    loquacious (1.9.1)
    nokogiri (1.5.2)
    rake (0.9.2.2)
    rspec (2.9.0)
      rspec-core (~> 2.9.0)
      rspec-expectations (~> 2.9.0)
      rspec-mocks (~> 2.9.0)
    rspec-core (2.9.0)
    rspec-expectations (2.9.1)
      diff-lcs (~> 1.1.3)
    rspec-mocks (2.9.0)

PLATFORMS
  ruby

DEPENDENCIES
  bones
  nokogiri
  rspec
